GEM
  remote: https://rubygems.org/
  specs:
    docker-api (1.34.2)
      excon (>= 0.47.0)
      multi_json
    excon (0.75.0)
    multi_json (1.14.1)
    ruby-dbus (0.16.0)

PLATFORMS
  ruby

DEPENDENCIES
  docker-api
  ruby-dbus

BUNDLED WITH
   2.1.4
